GEM
  remote: https://rubygems.org/
  specs:
    binding_of_caller (0.7.2)
      debug_inspector (>= 0.0.1)
    byebug (8.2.1)
    childprocess (0.5.8)
      ffi (~> 1.0, >= 1.0.11)
    cmdparse (3.0.1)
    coderay (1.1.0)
    debug_inspector (0.0.2)
    diff-lcs (1.2.5)
    domain_name (0.5.25)
      unf (>= 0.0.5, < 1.0.0)
    ffi (1.9.10)
    highline (1.7.8)
    http-cookie (1.0.2)
      domain_name (~> 0.5)
    interception (0.5)
    json (1.8.3)
    log4net (1.2.10.0)
    method_source (0.8.2)
    mime-types (2.99)
    multi_json (1.11.2)
    net-http-persistent (2.9.4)
    net-ssh (3.0.1)
    net-ssh-gateway (1.2.0)
      net-ssh (>= 2.6.5)
    netrc (0.11.0)
    parallel (1.6.1)
    parallel_tests (2.0.0)
      parallel
    pry (0.10.3)
      coderay (~> 1.1.0)
      method_source (~> 0.8.1)
      slop (~> 3.4)
    pry-byebug (3.3.0)
      byebug (~> 8.0)
      pry (~> 0.10)
    pry-rescue (1.4.2)
      interception (>= 0.5)
      pry
    pry-stack_explorer (0.4.9.2)
      binding_of_caller (>= 0.7)
      pry (>= 0.9.11)
    rake (10.4.2)
    rest-client (1.8.0)
      http-cookie (>= 1.0.2, < 2.0)
      mime-types (>= 1.16, < 3.0)
      netrc (~> 0.7)
    rspec (3.4.0)
      rspec-core (~> 3.4.0)
      rspec-expectations (~> 3.4.0)
      rspec-mocks (~> 3.4.0)
    rspec-core (3.4.1)
      rspec-support (~> 3.4.0)
    rspec-expectations (3.4.0)
      diff-lcs (>= 1.2.0, < 2.0)
      rspec-support (~> 3.4.0)
    rspec-mocks (3.4.1)
      diff-lcs (>= 1.2.0, < 2.0)
      rspec-support (~> 3.4.0)
    rspec-support (3.4.1)
    rubyzip (1.1.7)
    sauce (2.4.6)
      childprocess (>= 0.1.6)
      cmdparse (>= 2.0.2)
      highline (>= 1.5.0)
      json (>= 1.2.0)
      net-http-persistent
      net-ssh
      net-ssh-gateway
      rest-client
      selenium-webdriver (>= 0.1.2)
    sauce-connect (2.4.0)
      sauce (~> 2.4.0)
    sauce_whisk (0.0.19)
      json (~> 1.8.1)
      rest-client (~> 1.8.0)
    selenium-webdriver (2.47.1)
      childprocess (~> 0.5)
      multi_json (~> 1.0)
      rubyzip (~> 1.0)
      websocket (~> 1.0)
    slop (3.6.0)
    unf (0.1.4)
      unf_ext
    unf_ext (0.0.7.1)
    websocket (1.2.2)

PLATFORMS
  ruby

DEPENDENCIES
  byebug
  log4net (~> 1.2)
  parallel_tests (~> 2.0.0)
  pry
  pry-byebug
  pry-rescue
  pry-stack_explorer
  rake (~> 10.4.2)
  rspec (~> 3.4.0)
  sauce
  sauce-connect
  sauce_whisk (~> 0.0.19)
  selenium-webdriver (~> 2.47.1)
